GEM
  remote: https://rubygems.org/
  specs:
    byebug (5.0.0)
      columnize (= 0.9.0)
    colored (1.2)
    columnize (0.9.0)
    diff-lcs (1.2.5)
    faker (1.4.3)
      i18n (~> 0.5)
    fast_stack (0.1.0)
      rake
      rake-compiler
    flamegraph (0.1.0)
      fast_stack
    i18n (0.7.0)
    rake (10.4.2)
    rake-compiler (0.9.5)
      rake
    rake-notes (0.2.0)
      colored
      rake
    rspec (3.3.0)
      rspec-core (~> 3.3.0)
      rspec-expectations (~> 3.3.0)
      rspec-mocks (~> 3.3.0)
    rspec-core (3.3.1)
      rspec-support (~> 3.3.0)
    rspec-expectations (3.3.0)
      diff-lcs (>= 1.2.0, < 2.0)
      rspec-support (~> 3.3.0)
    rspec-mocks (3.3.1)
      diff-lcs (>= 1.2.0, < 2.0)
      rspec-support (~> 3.3.0)
    rspec-support (3.3.0)
    ruby-prof (0.15.8)

PLATFORMS
  ruby

DEPENDENCIES
  byebug (= 5.0.0)
  faker (= 1.4.3)
  flamegraph (= 0.1.0)
  rake-notes (= 0.2.0)
  rspec (= 3.3.0)
  ruby-prof (= 0.15.8)

BUNDLED WITH
   1.10.3
